GEM
  remote: http://rubygems.org/
  specs:
    activesupport (3.0.3)
    bson (1.1.5)
    bson_ext (1.2.0)
    diff-lcs (1.1.3)
    i18n (0.5.0)
    jnunemaker-validatable (1.8.4)
      activesupport (>= 2.3.4)
    mongo (1.1.5)
      bson (>= 1.1.5)
    mongo_mapper (0.8.6)
      activesupport (>= 2.3.4)
      jnunemaker-validatable (~> 1.8.4)
      plucky (~> 0.3.6)
    plucky (0.3.6)
      mongo (~> 1.1)
    rspec (2.10.0)
      rspec-core (~> 2.10.0)
      rspec-expectations (~> 2.10.0)
      rspec-mocks (~> 2.10.0)
    rspec-core (2.10.1)
    rspec-expectations (2.10.0)
      diff-lcs (~> 1.1.3)
    rspec-mocks (2.10.1)

PLATFORMS
  ruby

DEPENDENCIES
  bson_ext
  i18n
  mongo_mapper
  rspec (~> 2.10.0)
